PATH
  remote: .
  specs:
    todolist_project (1.0.0)

GEM
  remote: https://rubygems.org/
  specs:
    ansi (1.5.0)
    builder (3.2.3)
    minitest (5.11.3)
    minitest-reporters (1.3.6)
      ansi
      builder
      minitest (>= 5.0)
      ruby-progressbar
    rake (12.3.3)
    ruby-progressbar (1.10.1)
    stamp (0.6.0)

PLATFORMS
  ruby

DEPENDENCIES
  minitest (~> 5.11)
  minitest-reporters (~> 1.3)
  rake
  stamp (~> 0.6)
  todolist_project!

RUBY VERSION
   ruby 2.2.10p489

BUNDLED WITH
   1.17.3
